PATH
  remote: .
  specs:
    cramp (0.15.3)
      activesupport (~> 4.1.7)
      eventmachine (~> 1.0.3)
      faye-websocket (~> 0.7.1)
      rack (~> 1.5.2)
      thor (~> 0.19.0)

GEM
  remote: http://rubygems.org/
  specs:
    activemodel (4.1.8)
      activesupport (= 4.1.8)
      builder (~> 3.1)
    activerecord (4.1.8)
      activemodel (= 4.1.8)
      activesupport (= 4.1.8)
      arel (~> 5.0.0)
    activesupport (4.1.8)
      i18n (~> 0.6, >= 0.6.9)
      json (~> 1.7, >= 1.7.7)
      minitest (~> 5.1)
      thread_safe (~> 0.1)
      tzinfo (~> 1.1)
    addressable (2.3.6)
    ansi (1.4.3)
    arel (5.0.1.20140414130214)
    async-rack (0.5.1)
      rack (~> 1.1)
    async_sinatra (1.1.0)
      rack (>= 1.4.1)
      sinatra (>= 1.3.2)
    builder (3.2.2)
    cookiejar (0.3.2)
    daemons (1.1.9)
    em-http-request (1.1.2)
      addressable (>= 2.3.4)
      cookiejar
      em-socksify (>= 0.3)
      eventmachine (>= 1.0.3)
      http_parser.rb (>= 0.6.0)
    em-socksify (0.3.0)
      eventmachine (>= 1.0.0.beta.4)
    em-synchrony (1.0.3)
      eventmachine (>= 1.0.0.beta.1)
    erubis (2.7.0)
    eventmachine (1.0.3)
    faye-websocket (0.7.5)
      eventmachine (>= 0.12.0)
      websocket-driver (>= 0.3.5)
    http_parser.rb (0.6.0)
    http_router (0.11.1)
      rack (>= 1.0.0)
      url_mount (~> 0.2.1)
    i18n (0.6.11)
    json (1.8.1)
    kgio (2.9.2)
    minitest (5.4.3)
    mysql2 (0.3.17)
    rack (1.5.2)
    rack-protection (1.5.3)
      rack
    rainbows (4.6.2)
      kgio (~> 2.5)
      rack (~> 1.1)
      unicorn (~> 4.8)
    raindrops (0.13.0)
    sinatra (1.4.5)
      rack (~> 1.4)
      rack-protection (~> 1.4)
      tilt (~> 1.3, >= 1.3.4)
    thin (1.6.3)
      daemons (~> 1.0, >= 1.0.9)
      eventmachine (~> 1.0)
      rack (~> 1.0)
    thor (0.19.1)
    thread_safe (0.3.4)
    tilt (1.4.1)
    turn (0.9.6)
      ansi
    tzinfo (1.2.2)
      thread_safe (~> 0.1)
    unicorn (4.8.3)
      kgio (~> 2.6)
      rack
      raindrops (~> 0.7)
    url_mount (0.2.1)
      rack
    websocket-driver (0.4.0)
    yajl-ruby (1.2.1)

PLATFORMS
  ruby

DEPENDENCIES
  activerecord
  async-rack
  async_sinatra
  cramp!
  em-http-request
  em-synchrony
  erubis
  http_router
  mysql2
  rainbows
  thin
  turn
  yajl-ruby
